GEM
  remote: https://rubygems.org/
  specs:
    liquid (2.5.0)

PLATFORMS
  ruby

DEPENDENCIES
  liquid
